GEM
  remote: https://rubygems.org/
  specs:
    archive-tar-minitar (0.8)
      minitar (~> 0.8)
      minitar-cli (~> 0.8)
    arr-pm (0.0.10)
      cabin (> 0)
    backports (3.17.0)
    cabin (0.9.0)
    childprocess (3.0.0)
    clamp (0.6.5)
    corefines (1.11.0)
    diff-lcs (1.2.5)
    ffi (1.12.2)
    ffi (1.12.2-java)
    fpm (1.5.0)
      archive-tar-minitar
      arr-pm (~> 0.0.10)
      backports (>= 2.6.2)
      cabin (>= 0.6.0)
      childprocess
      clamp (~> 0.6)
      corefines (~> 1.9)
      ffi
      json (>= 1.7.7)
      ruby-xz
    hashie (4.1.0)
    insist (1.0.0)
    jruby-openssl (0.9.6-java)
    json (2.3.0)
    json (2.3.0-java)
    minitar (0.8)
    minitar-cli (0.8)
      minitar (~> 0.8.0)
      powerbar (~> 1.0)
    mustache (0.99.8)
    pleaserun (0.0.12)
      cabin (> 0)
      clamp
      insist
      mustache (= 0.99.8)
      stud
    powerbar (1.0.18)
      hashie (>= 1.1.0)
    rspec (3.2.0)
      rspec-core (~> 3.2.0)
      rspec-expectations (~> 3.2.0)
      rspec-mocks (~> 3.2.0)
    rspec-core (3.2.1)
      rspec-support (~> 3.2.0)
    rspec-expectations (3.2.0)
      diff-lcs (>= 1.2.0, < 2.0)
      rspec-support (~> 3.2.0)
    rspec-mocks (3.2.1)
      diff-lcs (>= 1.2.0, < 2.0)
      rspec-support (~> 3.2.0)
    rspec-support (3.2.2)
    ruby-xz (1.0.0)
    stud (0.0.19)

PLATFORMS
  java
  ruby

DEPENDENCIES
  fpm (>= 1.3.3)
  insist
  jruby-openssl
  pleaserun
  rspec
  stud

BUNDLED WITH
   1.17.3
